GEM
  remote: https://rubygems.org/
  specs:
    teacup (2.0.2)

PLATFORMS
  ruby

DEPENDENCIES
  teacup
